PATH
  remote: .
  specs:
    lfd (0.1.5.pre)
      activesupport (~> 4.0)
      colored (~> 1.2)
      gli

GEM
  remote: https://rubygems.org/
  specs:
    activesupport (4.0.0)
      i18n (~> 0.6, >= 0.6.4)
      minitest (~> 4.2)
      multi_json (~> 1.3)
      thread_safe (~> 0.1)
      tzinfo (~> 0.3.37)
    colored (1.2)
    gli (2.11.0)
    i18n (0.6.9)
    json (1.6.6)
    minitest (4.7.5)
    multi_json (1.9.2)
    rake (0.9.2.2)
    rdoc (3.12)
      json (~> 1.4)
    thread_safe (0.3.3)
    tzinfo (0.3.38)

PLATFORMS
  ruby

DEPENDENCIES
  lfd!
  rake
  rdoc
