PATH
  remote: .
  specs:
    lfd (0.1.5.pre)
      activesupport (~> 4.0)
      colored (~> 1.2)
      gli
      test-unit

GEM
  remote: https://rubygems.org/
  specs:
    activesupport (4.2.0)
      i18n (~> 0.7)
      json (~> 1.7, >= 1.7.7)
      minitest (~> 5.1)
      thread_safe (~> 0.3, >= 0.3.4)
      tzinfo (~> 1.1)
    colored (1.2)
    gli (2.12.2)
    i18n (0.7.0)
    json (1.8.2)
    minitest (5.5.1)
    power_assert (0.2.2)
    rake (10.4.2)
    rdoc (4.2.0)
    test-unit (3.0.9)
      power_assert
    thread_safe (0.3.4)
    tzinfo (1.2.2)
      thread_safe (~> 0.1)

PLATFORMS
  ruby

DEPENDENCIES
  lfd!
  rake
  rdoc
