PATH
  remote: .
  specs:
    lfd (0.1.3)
      colored
      gli

GEM
  remote: https://rubygems.org/
  specs:
    colored (1.2)
    gli (2.11.0)
    json (1.6.6)
    rake (0.9.2.2)
    rdoc (3.12)
      json (~> 1.4)

PLATFORMS
  ruby

DEPENDENCIES
  lfd!
  rake
  rdoc
